PATH
  remote: .
  specs:
    feature_flags (1.0.0)
      json (= 2.6.2)
      sorbet-runtime
      sorbet-struct-comparable
      splitclient-rb (~> 8.0)

GEM
  remote: https://rubygems.org/
  specs:
    ast (2.4.2)
    base64 (0.2.0)
    binding_ninja (0.2.3)
    bitarray (1.3.1)
    byebug (11.1.3)
    coderay (1.1.3)
    concurrent-ruby (1.2.3)
    connection_pool (2.4.1)
    diff-lcs (1.5.0)
    faraday (2.8.1)
      base64
      faraday-net_http (>= 2.0, < 3.1)
      ruby2_keywords (>= 0.0.4)
    faraday-net_http (3.0.2)
    faraday-net_http_persistent (2.1.0)
      faraday (~> 2.5)
      net-http-persistent (~> 4.0)
    hitimes (1.3.1)
    json (2.6.2)
    jwt (2.8.1)
      base64
    lru_redux (1.1.0)
    net-http-persistent (4.0.2)
      connection_pool (~> 2.2)
    parallel (1.22.1)
    parser (3.1.1.0)
      ast (~> 2.4.1)
    proc_to_ast (0.1.0)
      coderay
      parser
      unparser
    rainbow (3.1.1)
    redis (5.1.0)
      redis-client (>= 0.17.0)
    redis-client (0.21.1)
      connection_pool
    regexp_parser (2.1.1)
    rexml (3.2.8)
      strscan (>= 3.0.9)
    rspec (3.11.0)
      rspec-core (~> 3.11.0)
      rspec-expectations (~> 3.11.0)
      rspec-mocks (~> 3.11.0)
    rspec-core (3.11.0)
      rspec-support (~> 3.11.0)
    rspec-expectations (3.11.0)
      diff-lcs (>= 1.2.0, < 2.0)
      rspec-support (~> 3.11.0)
    rspec-mocks (3.11.1)
      diff-lcs (>= 1.2.0, < 2.0)
      rspec-support (~> 3.11.0)
    rspec-parameterized (0.5.0)
      binding_ninja (>= 0.2.3)
      parser
      proc_to_ast
      rspec (>= 2.13, < 4)
      unparser
    rspec-support (3.11.0)
    rubocop (1.26.1)
      parallel (~> 1.10)
      parser (>= 3.1.0.0)
      rainbow (>= 2.2.2, < 4.0)
      regexp_parser (>= 1.8, < 3.0)
      rexml
      rubocop-ast (>= 1.16.0, < 2.0)
      ruby-progressbar (~> 1.7)
      unicode-display_width (>= 1.4.0, < 3.0)
    rubocop-ast (1.16.0)
      parser (>= 3.1.1.0)
    rubocop-rspec (2.4.0)
      rubocop (~> 1.0)
      rubocop-ast (>= 1.1.0)
    rubocop-sorbet (0.6.2)
      rubocop
    ruby-progressbar (1.11.0)
    ruby2_keywords (0.0.5)
    socketry (0.5.1)
      hitimes (~> 1.2)
    sorbet (0.5.10051)
      sorbet-static (= 0.5.10051)
    sorbet-runtime (0.5.10042)
    sorbet-static (0.5.10051-universal-darwin-20)
    sorbet-static (0.5.10051-universal-darwin-21)
    sorbet-static (0.5.10051-x86_64-linux)
    sorbet-struct-comparable (1.3.0)
      sorbet-runtime (>= 0.5)
    splitclient-rb (8.3.1)
      bitarray (~> 1.3)
      concurrent-ruby (~> 1.0)
      faraday (>= 1.1, < 3.0)
      faraday-net_http_persistent (>= 1.0, < 3.0)
      json (>= 1.8, < 3.0)
      jwt (>= 1.0.0, < 3.0)
      lru_redux (~> 1.1)
      net-http-persistent (>= 2.9, < 5.0)
      redis (>= 4.0.0, < 6.0)
      socketry (>= 0.4, < 1.0)
      thread_safe (~> 0.3)
    strscan (3.1.0)
    thread_safe (0.3.6)
    unicode-display_width (2.1.0)
    unparser (0.6.0)
      diff-lcs (~> 1.3)
      parser (>= 3.0.0)

PLATFORMS
  arm64-darwin-20
  arm64-darwin-21
  x86_64-linux

DEPENDENCIES
  byebug
  feature_flags!
  rspec
  rspec-parameterized
  rubocop
  rubocop-rspec
  rubocop-sorbet
  sorbet

BUNDLED WITH
   2.3.14
