PATH
  remote: .
  specs:
    feature_flags (1.0.0)
      sorbet-runtime
      sorbet-struct-comparable
      splitclient-rb (~> 8.0)

GEM
  remote: https://rubygems.org/
  specs:
    ast (2.4.2)
    bitarray (1.3.0)
    byebug (11.1.3)
    concurrent-ruby (1.1.10)
    connection_pool (2.2.5)
    diff-lcs (1.5.0)
    faraday (1.10.0)
      faraday-em_http (~> 1.0)
      faraday-em_synchrony (~> 1.0)
      faraday-excon (~> 1.1)
      faraday-httpclient (~> 1.0)
      faraday-multipart (~> 1.0)
      faraday-net_http (~> 1.0)
      faraday-net_http_persistent (~> 1.0)
      faraday-patron (~> 1.0)
      faraday-rack (~> 1.0)
      faraday-retry (~> 1.0)
      ruby2_keywords (>= 0.0.4)
    faraday-em_http (1.0.0)
    faraday-em_synchrony (1.0.0)
    faraday-excon (1.1.0)
    faraday-httpclient (1.0.1)
    faraday-multipart (1.0.3)
      multipart-post (>= 1.2, < 3)
    faraday-net_http (1.0.1)
    faraday-net_http_persistent (1.2.0)
    faraday-patron (1.0.0)
    faraday-rack (1.0.0)
    faraday-retry (1.0.3)
    hitimes (1.3.1)
    json (2.6.2)
    jwt (2.3.0)
    lru_redux (1.1.0)
    multipart-post (2.1.1)
    net-http-persistent (4.0.1)
      connection_pool (~> 2.2)
    parallel (1.22.1)
    parser (3.1.1.0)
      ast (~> 2.4.1)
    rainbow (3.1.1)
    redis (4.6.0)
    regexp_parser (2.1.1)
    rexml (3.2.5)
    rspec (3.11.0)
      rspec-core (~> 3.11.0)
      rspec-expectations (~> 3.11.0)
      rspec-mocks (~> 3.11.0)
    rspec-core (3.11.0)
      rspec-support (~> 3.11.0)
    rspec-expectations (3.11.0)
      diff-lcs (>= 1.2.0, < 2.0)
      rspec-support (~> 3.11.0)
    rspec-mocks (3.11.1)
      diff-lcs (>= 1.2.0, < 2.0)
      rspec-support (~> 3.11.0)
    rspec-support (3.11.0)
    rubocop (1.26.1)
      parallel (~> 1.10)
      parser (>= 3.1.0.0)
      rainbow (>= 2.2.2, < 4.0)
      regexp_parser (>= 1.8, < 3.0)
      rexml
      rubocop-ast (>= 1.16.0, < 2.0)
      ruby-progressbar (~> 1.7)
      unicode-display_width (>= 1.4.0, < 3.0)
    rubocop-ast (1.16.0)
      parser (>= 3.1.1.0)
    rubocop-rspec (2.4.0)
      rubocop (~> 1.0)
      rubocop-ast (>= 1.1.0)
    rubocop-sorbet (0.6.2)
      rubocop
    ruby-progressbar (1.11.0)
    ruby2_keywords (0.0.5)
    socketry (0.5.1)
      hitimes (~> 1.2)
    sorbet (0.5.10051)
      sorbet-static (= 0.5.10051)
    sorbet-runtime (0.5.10042)
    sorbet-static (0.5.10051-universal-darwin-21)
    sorbet-struct-comparable (1.3.0)
      sorbet-runtime (>= 0.5)
    splitclient-rb (8.0.0)
      bitarray (~> 1.3)
      concurrent-ruby (~> 1.0)
      faraday (>= 1.1, < 2.0)
      json (>= 1.8, < 3.0)
      jwt (>= 1.0.0, < 3.0)
      lru_redux (~> 1.1)
      net-http-persistent (>= 2.9, < 5.0)
      redis (>= 4.0.0, < 5.0)
      socketry (>= 0.4, < 1.0)
      thread_safe (~> 0.3)
    thread_safe (0.3.6)
    unicode-display_width (2.1.0)

PLATFORMS
  arm64-darwin-21

DEPENDENCIES
  byebug
  feature_flags!
  rspec
  rubocop
  rubocop-rspec
  rubocop-sorbet
  sorbet

BUNDLED WITH
   2.3.13
